GEM
  remote: http://rubygems.org/
  specs:
    activemodel (3.2.22.1)
      activesupport (= 3.2.22.1)
      builder (~> 3.0.0)
    activerecord (3.2.22.1)
      activemodel (= 3.2.22.1)
      activesupport (= 3.2.22.1)
      arel (~> 3.0.2)
      tzinfo (~> 0.3.29)
    activesupport (3.2.22.1)
      i18n (~> 0.6, >= 0.6.4)
      multi_json (~> 1.0)
    arel (3.0.3)
    builder (3.0.4)
    concurrent-ruby (1.1.6)
    diff-lcs (1.1.3)
    fuubar (1.0.0)
      rspec (~> 2.0)
      rspec-instafail (~> 0.2.0)
      ruby-progressbar (~> 0.0.10)
    git (1.2.5)
    i18n (0.9.5)
      concurrent-ruby (~> 1.0)
    jeweler (1.8.3)
      bundler (~> 1.0)
      git (>= 1.2.5)
      rake
      rdoc
    json (1.6.5)
    multi_json (1.15.0)
    rake (0.9.2.2)
    rdoc (3.12)
      json (~> 1.4)
    redis (2.2.2)
    rspec (2.8.0)
      rspec-core (~> 2.8.0)
      rspec-expectations (~> 2.8.0)
      rspec-mocks (~> 2.8.0)
    rspec-core (2.8.0)
    rspec-expectations (2.8.0)
      diff-lcs (~> 1.1.2)
    rspec-instafail (0.2.2)
    rspec-mocks (2.8.0)
    ruby-progressbar (0.0.10)
    sqlite3 (1.3.5)
    text (1.0.3)
    tzinfo (0.3.57)

PLATFORMS
  ruby

DEPENDENCIES
  activerecord
  bundler
  fuubar
  jeweler
  redis
  rspec
  sqlite3
  text
